PATH
  remote: ../../../src/thinkspace/api/thinkspace-authorization
  specs:
    thinkspace-authorization (0.2.0)
      cancancan (~> 1.15)

PATH
  remote: ../../../src/thinkspace/api/thinkspace-builder
  specs:
    thinkspace-builder (0.2.0)
      aasm

PATH
  remote: ../../../src/thinkspace/api/thinkspace-casespace
  specs:
    thinkspace-casespace (0.2.0)
      aasm

PATH
  remote: ../../../src/thinkspace/api/thinkspace-common
  specs:
    thinkspace-common (0.2.0)
      smarter_csv

PATH
  remote: ../../../src/thinkspace/api/thinkspace-importer
  specs:
    thinkspace-importer (0.2.0)

PATH
  remote: ../../../src/thinkspace/api/thinkspace-peer-assessment
  specs:
    thinkspace-peer-assessment (0.2.0)

PATH
  remote: ../../../src/thinkspace/api/thinkspace-pub-sub
  specs:
    thinkspace-pub-sub (0.2.0)

PATH
  remote: ../../../src/thinkspace/api/thinkspace-readiness-assurance
  specs:
    thinkspace-readiness-assurance (0.2.0)

PATH
  remote: ../../../src/thinkspace/api/thinkspace-report
  specs:
    thinkspace-report (0.2.0)

PATH
  remote: ../../../src/thinkspace/api/thinkspace-resource
  specs:
    thinkspace-resource (0.2.0)
      paperclip

PATH
  remote: ../../../src/thinkspace/api/thinkspace-seed
  specs:
    thinkspace-seed (0.2.0)

PATH
  remote: ../../../src/thinkspace/api/thinkspace-team
  specs:
    thinkspace-team (0.2.0)

PATH
  remote: ../../../src/thinkspace/api/thinkspace-test
  specs:
    thinkspace-test (0.2.0)

PATH
  remote: ../../../src/thinkspace/api
  specs:
    thinkspace (0.2.0)
      aasm
      totem

PATH
  remote: ../../../src/totem/api/totem-authentication-session
  specs:
    totem-authentication-session (0.5.0)
      totem (= 0.5.0)

PATH
  remote: ../../../src/totem/api/totem-authorization-cancan
  specs:
    totem-authorization-cancan (0.5.0)
      totem (= 0.5.0)

PATH
  remote: ../../../src/totem/api/totem-core
  specs:
    totem-core (0.5.0)

PATH
  remote: ../../../src/totem/api/totem-pub-sub
  specs:
    totem-pub-sub (0.5.0)
      totem (= 0.5.0)

PATH
  remote: ../../../src/totem/api/vendor/active_model_serializers-0.10.2
  specs:
    active_model_serializers (0.10.2)
      actionpack (>= 4.1, < 6)
      activemodel (>= 4.1, < 6)
      jsonapi (~> 0.1.1.beta2)
      railties (>= 4.1, < 6)

PATH
  remote: ../../../src/totem/api
  specs:
    totem (0.5.0)
      totem-core (= 0.5.0)

GEM
  remote: http://rubygems.org/
  specs:
    aasm (4.11.1)
    actioncable (5.0.1)
      actionpack (= 5.0.1)
      nio4r (~> 1.2)
      websocket-driver (~> 0.6.1)
    actionmailer (5.0.1)
      actionpack (= 5.0.1)
      actionview (= 5.0.1)
      activejob (= 5.0.1)
      mail (~> 2.5, >= 2.5.4)
      rails-dom-testing (~> 2.0)
    actionpack (5.0.1)
      actionview (= 5.0.1)
      activesupport (= 5.0.1)
      rack (~> 2.0)
      rack-test (~> 0.6.3)
      rails-dom-testing (~> 2.0)
      rails-html-sanitizer (~> 1.0, >= 1.0.2)
    actionview (5.0.1)
      activesupport (= 5.0.1)
      builder (~> 3.1)
      erubis (~> 2.7.0)
      rails-dom-testing (~> 2.0)
      rails-html-sanitizer (~> 1.0, >= 1.0.2)
    activejob (5.0.1)
      activesupport (= 5.0.1)
      globalid (>= 0.3.6)
    activemodel (5.0.1)
      activesupport (= 5.0.1)
    activerecord (5.0.1)
      activemodel (= 5.0.1)
      activesupport (= 5.0.1)
      arel (~> 7.0)
    activesupport (5.0.1)
      concurrent-ruby (~> 1.0, >= 1.0.2)
      i18n (~> 0.7)
      minitest (~> 5.1)
      tzinfo (~> 1.1)
    acts-as-taggable-on (4.0.0)
      activerecord (>= 4.0)
    arel (7.1.4)
    aws-sdk (2.7.14)
      aws-sdk-resources (= 2.7.14)
    aws-sdk-core (2.7.14)
      aws-sigv4 (~> 1.0)
      jmespath (~> 1.0)
    aws-sdk-resources (2.7.14)
      aws-sdk-core (= 2.7.14)
    aws-sigv4 (1.0.0)
    builder (3.2.3)
    cancancan (1.16.0)
    climate_control (0.1.0)
    cocaine (0.5.8)
      climate_control (>= 0.0.3, < 1.0)
    concurrent-ruby (1.0.5)
    daemons (1.2.4)
    dalli (2.7.6)
    deep_cloneable (2.2.2)
      activerecord (>= 3.1.0, < 5.2.0)
    delayed_job (4.1.2)
      activesupport (>= 3.0, < 5.1)
    delayed_job_active_record (4.1.1)
      activerecord (>= 3.0, < 5.1)
      delayed_job (>= 3.0, < 5)
    discourse_api (0.14.1)
      faraday (~> 0.9)
      faraday_middleware (~> 0.10)
      rack (>= 1.6)
    docile (1.1.5)
    domain_name (0.5.20170404)
      unf (>= 0.0.5, < 1.0.0)
    erubis (2.7.0)
    eventmachine (1.2.3)
    faraday (0.12.0.1)
      multipart-post (>= 1.2, < 3)
    faraday_middleware (0.11.0.1)
      faraday (>= 0.7.4, < 1.0)
    globalid (0.4.0)
      activesupport (>= 4.2.0)
    has_secure_token (1.0.0)
      activerecord (>= 3.0)
    http-cookie (1.0.3)
      domain_name (~> 0.5)
    i18n (0.8.1)
    jmespath (1.3.1)
    json (2.0.4)
    jsonapi (0.1.1.beta6)
      jsonapi-parser (= 0.1.1.beta3)
      jsonapi-renderer (= 0.1.1.beta1)
    jsonapi-parser (0.1.1.beta3)
    jsonapi-renderer (0.1.1.beta1)
    kaminari (1.0.1)
      activesupport (>= 4.1.0)
      kaminari-actionview (= 1.0.1)
      kaminari-activerecord (= 1.0.1)
      kaminari-core (= 1.0.1)
    kaminari-actionview (1.0.1)
      actionview
      kaminari-core (= 1.0.1)
    kaminari-activerecord (1.0.1)
      activerecord
      kaminari-core (= 1.0.1)
    kaminari-core (1.0.1)
    loofah (2.0.3)
      nokogiri (>= 1.5.9)
    mail (2.6.4)
      mime-types (>= 1.16, < 4)
    method_source (0.8.2)
    mime-types (3.1)
      mime-types-data (~> 3.2015)
    mime-types-data (3.2016.0521)
    mimemagic (0.3.2)
    mini_portile2 (2.1.0)
    minitest (5.10.1)
    multipart-post (2.0.0)
    netrc (0.11.0)
    newrelic_rpm (3.18.1.330)
    nio4r (1.2.1)
    nokogiri (1.7.1)
      mini_portile2 (~> 2.1.0)
    paper_trail (6.0.2)
      activerecord (>= 4.0, < 5.2)
      request_store (~> 1.1)
    paperclip (5.1.0)
      activemodel (>= 4.2.0)
      activesupport (>= 4.2.0)
      cocaine (~> 0.5.5)
      mime-types
      mimemagic (~> 0.3.0)
    passenger (5.1.2)
      rack
      rake (>= 0.8.1)
    pg (0.19.0)
    rack (2.0.1)
    rack-cors (0.4.1)
    rack-test (0.6.3)
      rack (>= 1.0)
    rails (5.0.1)
      actioncable (= 5.0.1)
      actionmailer (= 5.0.1)
      actionpack (= 5.0.1)
      actionview (= 5.0.1)
      activejob (= 5.0.1)
      activemodel (= 5.0.1)
      activerecord (= 5.0.1)
      activesupport (= 5.0.1)
      bundler (>= 1.3.0, < 2.0)
      railties (= 5.0.1)
      sprockets-rails (>= 2.0.0)
    rails-dom-testing (2.0.2)
      activesupport (>= 4.2.0, < 6.0)
      nokogiri (~> 1.6)
    rails-html-sanitizer (1.0.3)
      loofah (~> 2.0)
    railties (5.0.1)
      actionpack (= 5.0.1)
      activesupport (= 5.0.1)
      method_source
      rake (>= 0.8.7)
      thor (>= 0.18.1, < 2.0)
    rake (12.0.0)
    redis (3.3.3)
    request_store (1.3.2)
    responders (2.3.0)
      railties (>= 4.2.0, < 5.1)
    rest-client (2.0.1)
      http-cookie (>= 1.0.2, < 2.0)
      mime-types (>= 1.16, < 4.0)
      netrc (~> 0.8)
    ruby-ole (1.2.12)
    simplecov (0.14.1)
      docile (~> 1.1.0)
      json (>= 1.8, < 3)
      simplecov-html (~> 0.10.0)
    simplecov-html (0.10.0)
    slim (3.0.7)
      temple (~> 0.7.6)
      tilt (>= 1.3.3, < 2.1)
    smarter_csv (1.1.4)
    spreadsheet (1.1.4)
      ruby-ole (>= 1.0)
    sprockets (3.7.1)
      concurrent-ruby (~> 1.0)
      rack (> 1, < 3)
    sprockets-rails (3.2.0)
      actionpack (>= 4.0)
      activesupport (>= 4.0)
      sprockets (>= 3.0.0)
    temple (0.7.7)
    thin (1.7.0)
      daemons (~> 1.0, >= 1.0.9)
      eventmachine (~> 1.0, >= 1.0.4)
      rack (>= 1, < 3)
    thor (0.19.4)
    thread_safe (0.3.6)
    tilt (2.0.7)
    tzinfo (1.2.3)
      thread_safe (~> 0.1)
    unf (0.1.4)
      unf_ext
    unf_ext (0.0.7.3)
    websocket-driver (0.6.5)
      websocket-extensions (>= 0.1.0)
    websocket-extensions (0.1.2)

PLATFORMS
  ruby

DEPENDENCIES
  aasm (= 4.11.1)
  active_model_serializers!
  acts-as-taggable-on (= 4.0.0)
  aws-sdk (= 2.7.14)
  cancancan (= 1.16.0)
  dalli (= 2.7.6)
  deep_cloneable (= 2.2.2)
  delayed_job_active_record (= 4.1.1)
  discourse_api (= 0.14.1)
  has_secure_token (= 1.0.0)
  jsonapi (= 0.1.1.beta6)
  jsonapi-parser (= 0.1.1.beta3)
  jsonapi-renderer (= 0.1.1.beta1)
  kaminari (= 1.0.1)
  newrelic_rpm (= 3.18.1.330)
  paper_trail (= 6.0.2)
  paperclip (= 5.1.0)
  passenger (= 5.1.2)
  pg (= 0.19.0)
  rack-cors (= 0.4.1)
  rails (= 5.0.1)
  redis (= 3.3.3)
  responders (= 2.3.0)
  rest-client (= 2.0.1)
  simplecov
  slim (= 3.0.7)
  smarter_csv (= 1.1.4)
  spreadsheet (= 1.1.4)
  thin
  thinkspace (= 0.2.0)!
  thinkspace-authorization (= 0.2.0)!
  thinkspace-builder (= 0.2.0)!
  thinkspace-casespace (= 0.2.0)!
  thinkspace-common (= 0.2.0)!
  thinkspace-importer (= 0.2.0)!
  thinkspace-peer-assessment (= 0.2.0)!
  thinkspace-pub-sub (= 0.2.0)!
  thinkspace-readiness-assurance (= 0.2.0)!
  thinkspace-report (= 0.2.0)!
  thinkspace-resource (= 0.2.0)!
  thinkspace-seed (= 0.2.0)!
  thinkspace-team (= 0.2.0)!
  thinkspace-test (= 0.2.0)!
  totem (= 0.5.0)!
  totem-authentication-session (= 0.5.0)!
  totem-authorization-cancan (= 0.5.0)!
  totem-core (= 0.5.0)!
  totem-pub-sub (= 0.5.0)!

RUBY VERSION
   ruby 2.3.1p112

BUNDLED WITH
   1.14.6
